GEM
  remote: http://rubygems.org/
  specs:
    haml (3.0.25)
    rack (1.3.2)
    sinatra (1.2.6)
      rack (~> 1.1)
      tilt (>= 1.2.2, < 2.0)
    sqlite3-ruby (1.2.5)
    tilt (1.3.3)

PLATFORMS
  ruby

DEPENDENCIES
  haml
  sinatra
  sqlite3-ruby (= 1.2.5)
