GIT
  remote: git@github.com:codebutler/geocoder.git
  revision: 5fde776c35aa9311987effb91e6fadce0cb24881
  specs:
    Geocoder-US (2.0.1pre)
      sqlite3-ruby (= 1.2.4.1)

GIT
  remote: https://github.com/schuyler/sqlite3-ruby.git
  revision: f2242cb65d0caaf512c50af1f09426b7b908b42c
  specs:
    sqlite3-ruby (1.2.4.1)

GEM
  remote: http://rubygems.org/
  specs:
    haml (3.1.3)
    json (1.5.4)
    kgio (2.6.0)
    levenshtein19 (0.2.0)
    rack (1.3.2)
    raindrops (0.7.0)
    sinatra (1.2.6)
      rack (~> 1.1)
      tilt (>= 1.2.2, < 2.0)
    text (0.2.0)
    tilt (1.3.3)
    unicorn (4.1.1)
      kgio (~> 2.4)
      rack
      raindrops (~> 0.6)

PLATFORMS
  ruby

DEPENDENCIES
  Geocoder-US!
  haml
  json
  levenshtein19
  sinatra
  sqlite3-ruby!
  text
  unicorn
