GEM
  remote: http://rubygems.org/
  specs:
    geocoder-us (1.1.1)
      hoe (>= 1.1.4)
      rc-rest (>= 2.0.0)
    haml (3.0.25)
    hoe (2.12.3)
      rake (~> 0.8)
    net-http-persistent (1.9)
    nokogiri (1.5.0)
    rack (1.3.2)
    rake (0.9.2)
    rc-rest (4.0)
      net-http-persistent (~> 1.0)
      nokogiri (>= 1.3.1)
    sinatra (1.2.6)
      rack (~> 1.1)
      tilt (>= 1.2.2, < 2.0)
    sqlite3-ruby (1.2.5)
    tilt (1.3.3)

PLATFORMS
  ruby

DEPENDENCIES
  geocoder-us
  haml
  sinatra
  sqlite3-ruby (= 1.2.5)
